GEM
  remote: https://rubygems.org/
  specs:
    classifier (1.3.4)
      fast-stemmer (>= 1.0.0)
    coderay (1.1.0)
    decisiontree (0.5.0)
    fast-stemmer (1.0.2)
    graphr (0.2.1)
    method_source (0.8.2)
    pry (0.10.1)
      coderay (~> 1.1.0)
      method_source (~> 0.8.1)
      slop (~> 3.4)
    slop (3.6.0)

PLATFORMS
  ruby

DEPENDENCIES
  classifier (~> 1.3.4)
  decisiontree (~> 0.5.0)
  graphr (~> 0.2.1)
  pry

BUNDLED WITH
   1.10.5
